GEM
  remote: http://rubygems.org/
  specs:
    pdfkit (0.5.2)
    rack (1.4.1)
    rack-protection (1.2.0)
      rack
    sinatra (1.3.2)
      rack (~> 1.3, >= 1.3.6)
      rack-protection (~> 1.2)
      tilt (~> 1.3, >= 1.3.3)
    tilt (1.3.3)
    wkhtmltopdf-heroku (1.0.0)

PLATFORMS
  ruby

DEPENDENCIES
  pdfkit (= 0.5.2)
  sinatra (= 1.3.2)
  wkhtmltopdf-heroku (= 1.0.0)

RUBY VERSION
   ruby 3.2.0

BUNDLED WITH
   1.17.2
